GEM
  remote: https://rubygems.org/
  specs:
    json-api-vanilla (1.0.1)

PLATFORMS
  ruby

DEPENDENCIES
  json-api-vanilla (~> 1.0.1)

BUNDLED WITH
   1.15.1
